GEM
  remote: http://rubygems.org/
  specs:
    rack (1.3.0)
    rdiscount (1.6.8)
    sinatra (1.0)
      rack (>= 1.0)

PLATFORMS
  ruby

DEPENDENCIES
  rdiscount
  sinatra (= 1.0)
